NUGET
  remote: https://www.nuget.org/api/v2
  specs:
    FAKE (4.37.2)
    FSharp.Compiler.Service (6.0.2)
      System.Collections.Immutable (>= 1.2.0)
      System.Reflection.Metadata (>= 1.4.1-beta-24227-04)
    FSharp.Core (4.0.0.1)
    Suave (1.1.3)
      FSharp.Core (>= 3.1.2.5)
    System.Collections (4.0.11) - framework: net10, net11, net20, net30, net35, net40, net40
    System.Collections.Immutable (1.2.0)
      System.Collections (>= 4.0.11) - framework: net10, net11, net20, net30, net35, net40, net40
      System.Diagnostics.Debug (>= 4.0.11) - framework: net10, net11, net20, net30, net35, net40, net40
      System.Globalization (>= 4.0.11) - framework: net10, net11, net20, net30, net35, net40, net40
      System.Linq (>= 4.1.0) - framework: net10, net11, net20, net30, net35, net40, net40
      System.Resources.ResourceManager (>= 4.0.1) - framework: net10, net11, net20, net30, net35, net40, net40
      System.Runtime (>= 4.1.0) - framework: net10, net11, net20, net30, net35, net40, net40
      System.Runtime.Extensions (>= 4.1.0) - framework: net10, net11, net20, net30, net35, net40, net40
      System.Threading (>= 4.0.11) - framework: net10, net11, net20, net30, net35, net40, net40
    System.Diagnostics.Debug (4.0.11) - framework: net10, net11, net20, net30, net35, net40, net40
    System.Globalization (4.0.11) - framework: net10, net11, net20, net30, net35, net40, net40
    System.IO (4.1.0) - framework: net10, net11, net20, net30, net35, net40, net40
    System.Linq (4.1.0) - framework: net10, net11, net20, net30, net35, net40, net40
    System.Reflection (4.1.0) - framework: net10, net11, net20, net30, net35, net40, net40
    System.Reflection.Extensions (4.0.1) - framework: net10, net11, net20, net30, net35, net40, net40
    System.Reflection.Metadata (1.4.1-beta-24227-04)
      System.Collections (>= 4.0.11) - framework: net10, net11, net20, net30, net35, net40, net40
      System.Collections.Immutable (>= 1.1.37) - framework: portable-net45+win8
      System.Collections.Immutable (>= 1.2.0) - framework: >= net45, monoandroid, monotouch, xamarinios, xamarinmac, winv4.5, wpv8.1
      System.Diagnostics.Debug (>= 4.0.11) - framework: net10, net11, net20, net30, net35, net40, net40
      System.IO (>= 4.1.0) - framework: net10, net11, net20, net30, net35, net40, net40
      System.Linq (>= 4.1.0) - framework: net10, net11, net20, net30, net35, net40, net40
      System.Reflection (>= 4.1.0) - framework: net10, net11, net20, net30, net35, net40, net40
      System.Reflection.Extensions (>= 4.0.1) - framework: net10, net11, net20, net30, net35, net40, net40
      System.Reflection.Primitives (>= 4.0.1) - framework: net10, net11, net20, net30, net35, net40, net40
      System.Resources.ResourceManager (>= 4.0.1) - framework: net10, net11, net20, net30, net35, net40, net40
      System.Runtime (>= 4.1.0) - framework: net10, net11, net20, net30, net35, net40, net40
      System.Runtime.Extensions (>= 4.1.0) - framework: net10, net11, net20, net30, net35, net40, net40
      System.Runtime.InteropServices (>= 4.1.0) - framework: net10, net11, net20, net30, net35, net40, net40
      System.Text.Encoding (>= 4.0.11) - framework: net10, net11, net20, net30, net35, net40, net40
      System.Text.Encoding.Extensions (>= 4.0.11) - framework: net10, net11, net20, net30, net35, net40, net40
      System.Threading (>= 4.0.11) - framework: net10, net11, net20, net30, net35, net40, net40
    System.Reflection.Primitives (4.0.1) - framework: net10, net11, net20, net30, net35, net40, net40
    System.Resources.ResourceManager (4.0.1) - framework: net10, net11, net20, net30, net35, net40, net40
    System.Runtime (4.1.0) - framework: net10, net11, net20, net30, net35, net40, net40
    System.Runtime.Extensions (4.1.0) - framework: net10, net11, net20, net30, net35, net40, net40
    System.Runtime.InteropServices (4.1.0) - framework: net10, net11, net20, net30, net35, net40, net40
    System.Text.Encoding (4.0.11) - framework: net10, net11, net20, net30, net35, net40, net40
    System.Text.Encoding.Extensions (4.0.11) - framework: net10, net11, net20, net30, net35, net40, net40
    System.Threading (4.0.11) - framework: net10, net11, net20, net30, net35, net40, net40
